GEM
  remote: http://rubygems.org/
  specs:
    builder (3.1.4)
    mime-types (1.19)
    xml-simple (1.1.2)

PLATFORMS
  ruby

DEPENDENCIES
  builder
  bundler
  mime-types
  xml-simple
